GEM
  remote: http://rubygems.org/
  specs:
    mini_portile2 (2.2.0)
    nokogiri (1.8.0)
      mini_portile2 (~> 2.2.0)
    nokogiri (1.8.0-java)

PLATFORMS
  java
  ruby

DEPENDENCIES
  nokogiri
